PATH
  remote: .
  specs:
    epok (0.1.1)

GEM
  remote: https://rubygems.org/
  specs:
    addressable (2.6.0)
      public_suffix (>= 2.0.2, < 4.0)
    ansi (1.5.0)
    builder (3.2.3)
    crack (0.4.3)
      safe_yaml (~> 1.0.0)
    hashdiff (0.3.9)
    minitest (5.11.3)
    minitest-reporters (1.3.6)
      ansi
      builder
      minitest (>= 5.0)
      ruby-progressbar
    public_suffix (3.0.3)
    rake (10.5.0)
    ruby-progressbar (1.10.0)
    safe_yaml (1.0.5)
    vcr (4.0.0)
    webmock (3.5.1)
      addressable (>= 2.3.6)
      crack (>= 0.3.2)
      hashdiff

PLATFORMS
  ruby

DEPENDENCIES
  bundler (~> 1.17)
  epok!
  minitest (~> 5.0)
  minitest-reporters (~> 1.3, >= 1.3.6)
  rake (~> 10.0)
  vcr (~> 4.0)
  webmock (~> 3.5, >= 3.5.1)

BUNDLED WITH
   1.17.2
